PATH
  remote: .
  specs:
    orgbots (0.0.1)
      pastel
      random-word
      rubocop
      rufus-scheduler
      tty-prompt
      tty-spinner

GEM
  remote: https://rubygems.org/
  specs:
    addressable (2.5.2)
      public_suffix (>= 2.0.2, < 4.0)
    ast (2.4.0)
    docile (1.3.0)
    dotenv (2.2.2)
    equatable (0.5.0)
    et-orbi (1.1.0)
      tzinfo
    faraday (0.14.0)
      multipart-post (>= 1.2, < 3)
    hitimes (1.2.6)
    json (2.1.0)
    multipart-post (2.0.0)
    necromancer (0.4.0)
    octokit (4.8.0)
      sawyer (~> 0.8.0, >= 0.5.3)
    parallel (1.12.1)
    parser (2.5.1.0)
      ast (~> 2.4.0)
    pastel (0.7.2)
      equatable (~> 0.5.0)
      tty-color (~> 0.4.0)
    power_assert (1.1.1)
    powerpack (0.1.1)
    public_suffix (3.0.2)
    rainbow (3.0.0)
    rake (10.5.0)
    random-word (2.1.0)
    rubocop (0.55.0)
      parallel (~> 1.10)
      parser (>= 2.5)
      powerpack (~> 0.1)
      rainbow (>= 2.2.2, < 4.0)
      ruby-progressbar (~> 1.7)
      unicode-display_width (~> 1.0, >= 1.0.1)
    ruby-progressbar (1.9.0)
    rufus-scheduler (3.4.2)
      et-orbi (~> 1.0)
    sawyer (0.8.1)
      addressable (>= 2.3.5, < 2.6)
      faraday (~> 0.8, < 1.0)
    simplecov (0.16.1)
      docile (~> 1.1)
      json (>= 1.8, < 3)
      simplecov-html (~> 0.10.0)
    simplecov-html (0.10.2)
    test-unit (3.2.7)
      power_assert
    thread_safe (0.3.6)
    timers (4.1.2)
      hitimes
    tty-color (0.4.2)
    tty-cursor (0.5.0)
    tty-prompt (0.16.0)
      necromancer (~> 0.4.0)
      pastel (~> 0.7.0)
      timers (~> 4.0)
      tty-cursor (~> 0.5.0)
      tty-reader (~> 0.2.0)
    tty-reader (0.2.0)
      tty-cursor (~> 0.5.0)
      tty-screen (~> 0.6.4)
      wisper (~> 2.0.0)
    tty-screen (0.6.4)
    tty-spinner (0.8.0)
      tty-cursor (>= 0.5.0)
    tzinfo (1.2.5)
      thread_safe (~> 0.1)
    unicode-display_width (1.3.0)
    wisper (2.0.0)

PLATFORMS
  ruby

DEPENDENCIES
  bundler
  dotenv
  octokit (~> 4.0)
  orgbots!
  rake (~> 10.0)
  simplecov
  test-unit

BUNDLED WITH
   1.16.1
